STORAGE: NONE
RESTRICTION: == netcoreapp3.1
NUGET
  remote: https://api.nuget.org/v3/index.json
    Bert.RateLimiters (1.0.15)
    Dapper (2.0.90)
      System.Reflection.Emit.Lightweight (>= 4.7)
    DotnetSpider (5.0.8)
      Bert.RateLimiters (>= 1.0.15)
      Dapper (>= 2.0.78)
      HtmlAgilityPack (>= 1.11.30)
      MessagePack (>= 2.2.85)
      Microsoft.CSharp (>= 4.7)
      Microsoft.Extensions.Hosting (>= 5.0)
      Microsoft.Extensions.Http (>= 5.0)
      Microsoft.VisualBasic (>= 10.3)
      murmurhash (>= 1.0.3)
      Newtonsoft.Json (>= 12.0.3)
      System.Collections.Immutable (>= 5.0)
      System.ComponentModel.Annotations (>= 5.0)
      System.Data.SqlClient (>= 4.8.2)
      System.Text.Json (>= 5.0.1)
      System.Threading.Channels (>= 5.0)
      System.Threading.Tasks.Dataflow (>= 5.0)
      ZCJ.HashedWheelTimer (>= 0.10.2)
    FSharp.Core (5.0.1)
    HtmlAgilityPack (1.11.34)
    MessagePack (2.2.85)
      MessagePack.Annotations (>= 2.2.85)
      Microsoft.Bcl.AsyncInterfaces (>= 1.0)
      System.Collections.Immutable (>= 1.5)
      System.Memory (>= 4.5.3)
      System.Reflection.Emit (>= 4.6)
      System.Reflection.Emit.Lightweight (>= 4.6)
      System.Runtime.CompilerServices.Unsafe (>= 4.5.2)
      System.Threading.Tasks.Extensions (>= 4.5.3)
    MessagePack.Annotations (2.2.85)
    Microsoft.Bcl.AsyncInterfaces (5.0)
    Microsoft.CSharp (4.7)
    Microsoft.Extensions.Configuration (5.0)
      Microsoft.Extensions.Configuration.Abstractions (>= 5.0)
      Microsoft.Extensions.Primitives (>= 5.0)
    Microsoft.Extensions.Configuration.Abstractions (5.0)
      Microsoft.Extensions.Primitives (>= 5.0)
    Microsoft.Extensions.Configuration.Binder (5.0)
      Microsoft.Extensions.Configuration.Abstractions (>= 5.0)
    Microsoft.Extensions.Configuration.CommandLine (5.0)
      Microsoft.Extensions.Configuration (>= 5.0)
      Microsoft.Extensions.Configuration.Abstractions (>= 5.0)
    Microsoft.Extensions.Configuration.EnvironmentVariables (5.0)
      Microsoft.Extensions.Configuration (>= 5.0)
      Microsoft.Extensions.Configuration.Abstractions (>= 5.0)
    Microsoft.Extensions.Configuration.FileExtensions (5.0)
      Microsoft.Extensions.Configuration (>= 5.0)
      Microsoft.Extensions.Configuration.Abstractions (>= 5.0)
      Microsoft.Extensions.FileProviders.Abstractions (>= 5.0)
      Microsoft.Extensions.FileProviders.Physical (>= 5.0)
      Microsoft.Extensions.Primitives (>= 5.0)
    Microsoft.Extensions.Configuration.Json (5.0)
      Microsoft.Extensions.Configuration (>= 5.0)
      Microsoft.Extensions.Configuration.Abstractions (>= 5.0)
      Microsoft.Extensions.Configuration.FileExtensions (>= 5.0)
      Microsoft.Extensions.FileProviders.Abstractions (>= 5.0)
      System.Text.Json (>= 5.0)
    Microsoft.Extensions.Configuration.UserSecrets (5.0)
      Microsoft.Extensions.Configuration.Abstractions (>= 5.0)
      Microsoft.Extensions.Configuration.Json (>= 5.0)
      Microsoft.Extensions.FileProviders.Abstractions (>= 5.0)
      Microsoft.Extensions.FileProviders.Physical (>= 5.0)
    Microsoft.Extensions.DependencyInjection (5.0.1)
      Microsoft.Extensions.DependencyInjection.Abstractions (>= 5.0)
    Microsoft.Extensions.DependencyInjection.Abstractions (5.0)
    Microsoft.Extensions.DependencyModel (5.0)
      System.Text.Encodings.Web (>= 5.0)
      System.Text.Json (>= 5.0)
    Microsoft.Extensions.FileProviders.Abstractions (5.0)
      Microsoft.Extensions.Primitives (>= 5.0)
    Microsoft.Extensions.FileProviders.Physical (5.0)
      Microsoft.Extensions.FileProviders.Abstractions (>= 5.0)
      Microsoft.Extensions.FileSystemGlobbing (>= 5.0)
      Microsoft.Extensions.Primitives (>= 5.0)
    Microsoft.Extensions.FileSystemGlobbing (5.0)
    Microsoft.Extensions.Hosting (5.0)
      Microsoft.Extensions.Configuration (>= 5.0)
      Microsoft.Extensions.Configuration.Abstractions (>= 5.0)
      Microsoft.Extensions.Configuration.Binder (>= 5.0)
      Microsoft.Extensions.Configuration.CommandLine (>= 5.0)
      Microsoft.Extensions.Configuration.EnvironmentVariables (>= 5.0)
      Microsoft.Extensions.Configuration.FileExtensions (>= 5.0)
      Microsoft.Extensions.Configuration.Json (>= 5.0)
      Microsoft.Extensions.Configuration.UserSecrets (>= 5.0)
      Microsoft.Extensions.DependencyInjection (>= 5.0)
      Microsoft.Extensions.DependencyInjection.Abstractions (>= 5.0)
      Microsoft.Extensions.FileProviders.Abstractions (>= 5.0)
      Microsoft.Extensions.FileProviders.Physical (>= 5.0)
      Microsoft.Extensions.Hosting.Abstractions (>= 5.0)
      Microsoft.Extensions.Logging (>= 5.0)
      Microsoft.Extensions.Logging.Abstractions (>= 5.0)
      Microsoft.Extensions.Logging.Configuration (>= 5.0)
      Microsoft.Extensions.Logging.Console (>= 5.0)
      Microsoft.Extensions.Logging.Debug (>= 5.0)
      Microsoft.Extensions.Logging.EventLog (>= 5.0)
      Microsoft.Extensions.Logging.EventSource (>= 5.0)
      Microsoft.Extensions.Options (>= 5.0)
    Microsoft.Extensions.Hosting.Abstractions (5.0)
      Microsoft.Extensions.Configuration.Abstractions (>= 5.0)
      Microsoft.Extensions.DependencyInjection.Abstractions (>= 5.0)
      Microsoft.Extensions.FileProviders.Abstractions (>= 5.0)
    Microsoft.Extensions.Http (5.0)
      Microsoft.Extensions.DependencyInjection.Abstractions (>= 5.0)
      Microsoft.Extensions.Logging (>= 5.0)
      Microsoft.Extensions.Logging.Abstractions (>= 5.0)
      Microsoft.Extensions.Options (>= 5.0)
    Microsoft.Extensions.Logging (5.0)
      Microsoft.Extensions.DependencyInjection (>= 5.0)
      Microsoft.Extensions.DependencyInjection.Abstractions (>= 5.0)
      Microsoft.Extensions.Logging.Abstractions (>= 5.0)
      Microsoft.Extensions.Options (>= 5.0)
      System.Diagnostics.DiagnosticSource (>= 5.0)
    Microsoft.Extensions.Logging.Abstractions (5.0)
    Microsoft.Extensions.Logging.Configuration (5.0)
      Microsoft.Extensions.Configuration (>= 5.0)
      Microsoft.Extensions.Configuration.Abstractions (>= 5.0)
      Microsoft.Extensions.Configuration.Binder (>= 5.0)
      Microsoft.Extensions.DependencyInjection.Abstractions (>= 5.0)
      Microsoft.Extensions.Logging (>= 5.0)
      Microsoft.Extensions.Logging.Abstractions (>= 5.0)
      Microsoft.Extensions.Options (>= 5.0)
      Microsoft.Extensions.Options.ConfigurationExtensions (>= 5.0)
    Microsoft.Extensions.Logging.Console (5.0)
      Microsoft.Extensions.Configuration.Abstractions (>= 5.0)
      Microsoft.Extensions.DependencyInjection.Abstractions (>= 5.0)
      Microsoft.Extensions.Logging (>= 5.0)
      Microsoft.Extensions.Logging.Abstractions (>= 5.0)
      Microsoft.Extensions.Logging.Configuration (>= 5.0)
      Microsoft.Extensions.Options (>= 5.0)
      Microsoft.Extensions.Options.ConfigurationExtensions (>= 5.0)
      System.Text.Json (>= 5.0)
    Microsoft.Extensions.Logging.Debug (5.0)
      Microsoft.Extensions.DependencyInjection.Abstractions (>= 5.0)
      Microsoft.Extensions.Logging (>= 5.0)
      Microsoft.Extensions.Logging.Abstractions (>= 5.0)
    Microsoft.Extensions.Logging.EventLog (5.0)
      Microsoft.Extensions.DependencyInjection.Abstractions (>= 5.0)
      Microsoft.Extensions.Logging (>= 5.0)
      Microsoft.Extensions.Logging.Abstractions (>= 5.0)
      Microsoft.Extensions.Options (>= 5.0)
      System.Diagnostics.EventLog (>= 5.0)
    Microsoft.Extensions.Logging.EventSource (5.0.1)
      Microsoft.Extensions.DependencyInjection.Abstractions (>= 5.0)
      Microsoft.Extensions.Logging (>= 5.0)
      Microsoft.Extensions.Logging.Abstractions (>= 5.0)
      Microsoft.Extensions.Options (>= 5.0)
      Microsoft.Extensions.Primitives (>= 5.0.1)
      System.Runtime.CompilerServices.Unsafe (>= 5.0)
      System.Text.Json (>= 5.0.2)
    Microsoft.Extensions.Options (5.0)
      Microsoft.Extensions.DependencyInjection.Abstractions (>= 5.0)
      Microsoft.Extensions.Primitives (>= 5.0)
    Microsoft.Extensions.Options.ConfigurationExtensions (5.0)
      Microsoft.Extensions.Configuration.Abstractions (>= 5.0)
      Microsoft.Extensions.Configuration.Binder (>= 5.0)
      Microsoft.Extensions.DependencyInjection.Abstractions (>= 5.0)
      Microsoft.Extensions.Options (>= 5.0)
      Microsoft.Extensions.Primitives (>= 5.0)
    Microsoft.Extensions.Primitives (5.0.1)
      System.Runtime.CompilerServices.Unsafe (>= 5.0)
    Microsoft.NETCore.Platforms (5.0.2)
    Microsoft.NETCore.Targets (5.0)
    Microsoft.VisualBasic (10.3)
    Microsoft.Win32.Registry (5.0)
      System.Security.AccessControl (>= 5.0)
      System.Security.Principal.Windows (>= 5.0)
    murmurhash (1.0.3)
    Newtonsoft.Json (13.0.1)
    runtime.native.System (4.3.1)
      Microsoft.NETCore.Platforms (>= 1.1.1)
      Microsoft.NETCore.Targets (>= 1.1.3)
    runtime.native.System.Data.SqlClient.sni (4.7)
      runtime.win-arm64.runtime.native.System.Data.SqlClient.sni (>= 4.4)
      runtime.win-x64.runtime.native.System.Data.SqlClient.sni (>= 4.4)
      runtime.win-x86.runtime.native.System.Data.SqlClient.sni (>= 4.4)
    runtime.win-arm64.runtime.native.System.Data.SqlClient.sni (4.4)
    runtime.win-x64.runtime.native.System.Data.SqlClient.sni (4.4)
    runtime.win-x86.runtime.native.System.Data.SqlClient.sni (4.4)
    Serilog (2.10)
    Serilog.AspNetCore (3.4)
      Microsoft.Extensions.DependencyInjection (>= 3.1.2)
      Microsoft.Extensions.Logging (>= 3.1.2)
      Serilog (>= 2.9)
      Serilog.Extensions.Hosting (>= 3.1)
      Serilog.Formatting.Compact (>= 1.1)
      Serilog.Settings.Configuration (>= 3.1)
      Serilog.Sinks.Console (>= 3.1.1)
      Serilog.Sinks.Debug (>= 1.0.1)
      Serilog.Sinks.File (>= 4.1)
    Serilog.Extensions.Hosting (4.1.2)
      Microsoft.Extensions.DependencyInjection.Abstractions (>= 3.1.8)
      Microsoft.Extensions.Hosting.Abstractions (>= 3.1.8)
      Microsoft.Extensions.Logging.Abstractions (>= 3.1.8)
      Serilog (>= 2.10)
      Serilog.Extensions.Logging (>= 3.0.1)
    Serilog.Extensions.Logging (3.0.1)
      Microsoft.Extensions.Logging (>= 2.0)
      Serilog (>= 2.8)
    Serilog.Formatting.Compact (1.1)
      Serilog (>= 2.8)
    Serilog.Settings.Configuration (3.1)
      Microsoft.Extensions.DependencyModel (>= 2.0.4)
      Microsoft.Extensions.Options.ConfigurationExtensions (>= 2.0)
      Serilog (>= 2.6)
    Serilog.Sinks.Console (3.1.1)
      Serilog (>= 2.5)
      System.Console (>= 4.3)
      System.Runtime.InteropServices (>= 4.3)
      System.Runtime.InteropServices.RuntimeInformation (>= 4.3)
    Serilog.Sinks.Debug (2.0)
      Serilog (>= 2.10)
    Serilog.Sinks.File (4.1)
      Serilog (>= 2.5)
      System.IO.FileSystem (>= 4.0.1)
      System.Text.Encoding.Extensions (>= 4.0.11)
      System.Threading.Timer (>= 4.0.1)
    Serilog.Sinks.PeriodicBatching (2.3)
      Serilog (>= 2.0)
      System.Collections.Concurrent (>= 4.0.12)
      System.Threading.Timer (>= 4.0.1)
    Serilog.Sinks.RollingFile (3.3)
      Serilog.Sinks.File (>= 3.2)
      System.IO (>= 4.1)
      System.IO.FileSystem.Primitives (>= 4.0.1)
      System.Runtime.InteropServices (>= 4.1)
      System.Text.Encoding.Extensions (>= 4.0.11)
    System.Collections (4.3)
      Microsoft.NETCore.Platforms (>= 1.1)
      Microsoft.NETCore.Targets (>= 1.1)
      System.Runtime (>= 4.3)
    System.Collections.Concurrent (4.3)
      System.Collections (>= 4.3)
      System.Diagnostics.Debug (>= 4.3)
      System.Diagnostics.Tracing (>= 4.3)
      System.Globalization (>= 4.3)
      System.Reflection (>= 4.3)
      System.Resources.ResourceManager (>= 4.3)
      System.Runtime (>= 4.3)
      System.Runtime.Extensions (>= 4.3)
      System.Threading (>= 4.3)
      System.Threading.Tasks (>= 4.3)
    System.Collections.Immutable (5.0)
    System.ComponentModel.Annotations (5.0)
    System.Console (4.3.1)
      Microsoft.NETCore.Platforms (>= 1.1)
      Microsoft.NETCore.Targets (>= 1.1.2)
      System.IO (>= 4.3)
      System.Runtime (>= 4.3)
      System.Text.Encoding (>= 4.3)
    System.Data.SqlClient (4.8.2)
      Microsoft.Win32.Registry (>= 4.7)
      runtime.native.System.Data.SqlClient.sni (>= 4.7)
      System.Security.Principal.Windows (>= 4.7)
    System.Diagnostics.Debug (4.3)
      Microsoft.NETCore.Platforms (>= 1.1)
      Microsoft.NETCore.Targets (>= 1.1)
      System.Runtime (>= 4.3)
    System.Diagnostics.DiagnosticSource (5.0.1)
    System.Diagnostics.EventLog (5.0.1)
      Microsoft.NETCore.Platforms (>= 5.0.1)
      Microsoft.Win32.Registry (>= 5.0)
      System.Security.Principal.Windows (>= 5.0)
    System.Diagnostics.Tracing (4.3)
      Microsoft.NETCore.Platforms (>= 1.1)
      Microsoft.NETCore.Targets (>= 1.1)
      System.Runtime (>= 4.3)
    System.Globalization (4.3)
      Microsoft.NETCore.Platforms (>= 1.1)
      Microsoft.NETCore.Targets (>= 1.1)
      System.Runtime (>= 4.3)
    System.IO (4.3)
      Microsoft.NETCore.Platforms (>= 1.1)
      Microsoft.NETCore.Targets (>= 1.1)
      System.Runtime (>= 4.3)
      System.Text.Encoding (>= 4.3)
      System.Threading.Tasks (>= 4.3)
    System.IO.FileSystem (4.3)
      Microsoft.NETCore.Platforms (>= 1.1)
      Microsoft.NETCore.Targets (>= 1.1)
      System.IO (>= 4.3)
      System.IO.FileSystem.Primitives (>= 4.3)
      System.Runtime (>= 4.3)
      System.Runtime.Handles (>= 4.3)
      System.Text.Encoding (>= 4.3)
      System.Threading.Tasks (>= 4.3)
    System.IO.FileSystem.Primitives (4.3)
      System.Runtime (>= 4.3)
    System.Memory (4.5.4)
    System.Reflection (4.3)
      Microsoft.NETCore.Platforms (>= 1.1)
      Microsoft.NETCore.Targets (>= 1.1)
      System.IO (>= 4.3)
      System.Reflection.Primitives (>= 4.3)
      System.Runtime (>= 4.3)
    System.Reflection.Emit (4.7)
    System.Reflection.Emit.Lightweight (4.7)
    System.Reflection.Extensions (4.3)
      Microsoft.NETCore.Platforms (>= 1.1)
      Microsoft.NETCore.Targets (>= 1.1)
      System.Reflection (>= 4.3)
      System.Runtime (>= 4.3)
    System.Reflection.Primitives (4.3)
      Microsoft.NETCore.Platforms (>= 1.1)
      Microsoft.NETCore.Targets (>= 1.1)
      System.Runtime (>= 4.3)
    System.Resources.ResourceManager (4.3)
      Microsoft.NETCore.Platforms (>= 1.1)
      Microsoft.NETCore.Targets (>= 1.1)
      System.Globalization (>= 4.3)
      System.Reflection (>= 4.3)
      System.Runtime (>= 4.3)
    System.Runtime (4.3.1)
      Microsoft.NETCore.Platforms (>= 1.1.1)
      Microsoft.NETCore.Targets (>= 1.1.3)
    System.Runtime.CompilerServices.Unsafe (5.0)
    System.Runtime.Extensions (4.3.1)
      Microsoft.NETCore.Platforms (>= 1.1.1)
      Microsoft.NETCore.Targets (>= 1.1.3)
      System.Runtime (>= 4.3.1)
    System.Runtime.Handles (4.3)
      Microsoft.NETCore.Platforms (>= 1.1)
      Microsoft.NETCore.Targets (>= 1.1)
      System.Runtime (>= 4.3)
    System.Runtime.InteropServices (4.3)
      Microsoft.NETCore.Platforms (>= 1.1)
      Microsoft.NETCore.Targets (>= 1.1)
      System.Reflection (>= 4.3)
      System.Reflection.Primitives (>= 4.3)
      System.Runtime (>= 4.3)
      System.Runtime.Handles (>= 4.3)
    System.Runtime.InteropServices.RuntimeInformation (4.3)
      runtime.native.System (>= 4.3)
      System.Reflection (>= 4.3)
      System.Reflection.Extensions (>= 4.3)
      System.Resources.ResourceManager (>= 4.3)
      System.Runtime (>= 4.3)
      System.Runtime.InteropServices (>= 4.3)
      System.Threading (>= 4.3)
    System.Security.AccessControl (5.0)
      Microsoft.NETCore.Platforms (>= 5.0)
      System.Security.Principal.Windows (>= 5.0)
    System.Security.Principal.Windows (5.0)
    System.Text.Encoding (4.3)
      Microsoft.NETCore.Platforms (>= 1.1)
      Microsoft.NETCore.Targets (>= 1.1)
      System.Runtime (>= 4.3)
    System.Text.Encoding.Extensions (4.3)
      Microsoft.NETCore.Platforms (>= 1.1)
      Microsoft.NETCore.Targets (>= 1.1)
      System.Runtime (>= 4.3)
      System.Text.Encoding (>= 4.3)
    System.Text.Encodings.Web (5.0.1)
    System.Text.Json (5.0.2)
      System.Runtime.CompilerServices.Unsafe (>= 5.0)
      System.Text.Encodings.Web (>= 5.0.1)
    System.Threading (4.3)
      System.Runtime (>= 4.3)
      System.Threading.Tasks (>= 4.3)
    System.Threading.Channels (5.0)
    System.Threading.Tasks (4.3)
      Microsoft.NETCore.Platforms (>= 1.1)
      Microsoft.NETCore.Targets (>= 1.1)
      System.Runtime (>= 4.3)
    System.Threading.Tasks.Dataflow (5.0)
    System.Threading.Tasks.Extensions (4.5.4)
    System.Threading.Timer (4.3)
      Microsoft.NETCore.Platforms (>= 1.1)
      Microsoft.NETCore.Targets (>= 1.1)
      System.Runtime (>= 4.3)
    ZCJ.HashedWheelTimer (0.10.2)
      Microsoft.Extensions.Logging.Abstractions (>= 3.1.3)
